PATH
  remote: .
  specs:
    testbot (0.7.3)
      acts_as_rails3_generator
      daemons (>= 1.0.10)
      httparty (>= 0.6.1)
      json_pure (>= 1.4.6)
      net-ssh (>= 2.0.23)
      posix-spawn (>= 0.3.6)
      sinatra (>= 1.0.0)

GEM
  remote: http://rubygems.org/
  specs:
    acts_as_rails3_generator (0.0.1)
    backports (3.6.0)
    crack (0.1.8)
    httparty (0.6.1)
      crack (= 0.1.8)
    json_pure (1.8.1)
    net-ssh (2.8.0)
    posix-spawn (0.3.8)
    rack (1.2.1)
    rack-test (0.5.6)
      rack (>= 1.0)
    rake (0.8.7)
    rvm (1.1.0)
    shoulda (2.11.3)
    sinatra (1.2.9)
      backports
      rack (~> 1.1, < 1.5)
      tilt (>= 1.2.2, < 2.0)
    test-unit (2.3.0)
    thor (0.14.6)
    tilt (1.4.1)

PLATFORMS
  ruby

DEPENDENCIES
  bundler
  flexmock
  guard
  guard-test
  rack-test
  rake (= 0.8.7)
  rvm
  shoulda
  testbot!
